GEM
  remote: https://rubygems.org/
  specs:
    attr_extras (5.2.0)
    highline (1.7.8)
    mustermann (1.0.3)
    rack (2.0.5)
    rack-protection (2.0.3)
      rack
    sinatra (2.0.3)
      mustermann (~> 1.0)
      rack (~> 2.0)
      rack-protection (= 2.0.3)
      tilt (~> 2.0)
    table_print (1.5.6)
    tilt (2.0.8)

PLATFORMS
  ruby

DEPENDENCIES
  attr_extras
  highline
  sinatra
  table_print

RUBY VERSION
   ruby 2.5.0p0

BUNDLED WITH
   1.16.4
