GEM
  remote: https://rubygems.org/
  specs:
    attr_extras (5.2.0)
    highline (1.7.8)
    table_print (1.5.6)

PLATFORMS
  ruby

DEPENDENCIES
  attr_extras
  highline
  table_print

BUNDLED WITH
   1.16.4
